GEM
  remote: https://rubygems.org/
  specs:
    faraday (2.1.0)
      faraday-net_http (~> 2.0)
      ruby2_keywords (>= 0.0.4)
    faraday-net_http (2.0.1)
    json (2.6.1)
    ruby2_keywords (0.0.5)
    slack-notify (0.6.0)
      faraday (>= 0.9)
      json (>= 1.8)

PLATFORMS
  x86_64-darwin-20

DEPENDENCIES
  slack-notify

BUNDLED WITH
   2.2.29
